GIT
  remote: https://github.com/jordansissel/fpm.git
  revision: b1e956e071e45040937a58483e343194d686357e
  ref: b1e956e071e45040937a58483e343194d686357e
  branch: master
  specs:
    fpm (1.11.0)
      arr-pm (~> 0.0.10)
      backports (>= 2.6.2)
      cabin (>= 0.6.0)
      childprocess (< 1.0.0)
      clamp (~> 1.0.0)
      ffi
      git (>= 1.3.0, < 2.0)
      json (>= 1.7.7, < 3.0)
      pleaserun (~> 0.0.29)
      ruby-xz (~> 0.2.3)
      stud

GIT
  remote: https://github.com/skaes/fpm-fry.git
  revision: 9b6448fddb4e82a13dc2a8992ccfb47805146bea
  branch: experimental
  specs:
    fpm-fry (0.2.1)
      excon (~> 0.30)
      fpm (~> 1.0)
      json (~> 1.8)

GEM
  remote: https://rubygems.org/
  specs:
    ansi (1.5.0)
    arr-pm (0.0.10)
      cabin (> 0)
    backports (3.21.0)
    cabin (0.9.0)
    childprocess (0.9.0)
      ffi (~> 1.0, >= 1.0.11)
    clamp (1.0.1)
    dotenv (2.7.6)
    excon (0.79.0)
    ffi (1.15.0)
    git (1.8.1)
      rchardet (~> 1.8)
    insist (1.0.0)
    io-like (0.3.1)
    json (1.8.6)
    mustache (0.99.8)
    pleaserun (0.0.31)
      cabin (> 0)
      clamp
      dotenv
      insist
      mustache (= 0.99.8)
      stud
    rake (13.0.3)
    rchardet (1.8.0)
    ruby-xz (0.2.3)
      ffi (~> 1.9)
      io-like (~> 0.3)
    stud (0.0.23)

PLATFORMS
  ruby

DEPENDENCIES
  ansi
  fpm!
  fpm-fry!
  rake

BUNDLED WITH
   2.2.33
