GIT
  remote: https://github.com/skaes/fpm-fry.git
  revision: 9b6448fddb4e82a13dc2a8992ccfb47805146bea
  branch: experimental
  specs:
    fpm-fry (0.2.1)
      excon (~> 0.30)
      fpm (~> 1.0)
      json (~> 1.8)

GEM
  remote: https://rubygems.org/
  specs:
    ansi (1.5.0)
    arr-pm (0.0.11)
      cabin (> 0)
    backports (3.23.0)
    cabin (0.9.0)
    clamp (1.0.1)
    dotenv (2.7.6)
    excon (0.92.3)
    fpm (1.14.2)
      arr-pm (~> 0.0.11)
      backports (>= 2.6.2)
      cabin (>= 0.6.0)
      clamp (~> 1.0.0)
      git (>= 1.3.0, < 2.0)
      json (>= 1.7.7, < 3.0)
      pleaserun (~> 0.0.29)
      rexml
      stud
    git (1.11.0)
      rchardet (~> 1.8)
    insist (1.0.0)
    json (1.8.6)
    mustache (0.99.8)
    pleaserun (0.0.32)
      cabin (> 0)
      clamp
      dotenv
      insist
      mustache (= 0.99.8)
      stud
    rake (13.0.6)
    rchardet (1.8.0)
    rexml (3.2.5)
    stud (0.0.23)

PLATFORMS
  x86_64-darwin-21

DEPENDENCIES
  ansi
  fpm-fry!
  rake

BUNDLED WITH
   2.2.33
